GEM
  remote: https://rubygems.org/
  specs:
    Ascii85 (1.1.0)
    afm (0.2.2)
    axlsx (2.0.1)
      htmlentities (~> 4.3.1)
      nokogiri (>= 1.4.1)
      rubyzip (~> 1.0.0)
    hashery (2.1.2)
    highline (2.0.3)
    htmlentities (4.3.4)
    nokogiri (1.13.8-arm64-darwin)
      racc (~> 1.4)
    options (2.3.2)
    pdf-reader (2.10.0)
      Ascii85 (~> 1.0)
      afm (~> 0.2.1)
      hashery (~> 2.0)
      ruby-rc4
      ttfunk
    progress_bar (1.3.3)
      highline (>= 1.6, < 3)
      options (~> 2.3.0)
    racc (1.6.0)
    ruby-rc4 (0.1.5)
    rubyzip (1.0.0)
    ttfunk (1.7.0)

PLATFORMS
  arm64-darwin-21

DEPENDENCIES
  axlsx
  pdf-reader
  progress_bar

BUNDLED WITH
   2.3.20
